PATH
  remote: .
  specs:
    zypper-upgraderepo (1.6.1)
      iniparse
      minitar

GEM
  remote: https://rubygems.org/
  specs:
    diff-lcs (1.5.0)
    iniparse (1.5.0)
    minitar (0.9)
    rake (13.0.6)
    rspec (3.10.0)
      rspec-core (~> 3.10.0)
      rspec-expectations (~> 3.10.0)
      rspec-mocks (~> 3.10.0)
    rspec-core (3.10.1)
      rspec-support (~> 3.10.0)
    rspec-expectations (3.10.1)
      diff-lcs (>= 1.2.0, < 2.0)
      rspec-support (~> 3.10.0)
    rspec-mocks (3.10.2)
      diff-lcs (>= 1.2.0, < 2.0)
      rspec-support (~> 3.10.0)
    rspec-support (3.10.3)

PLATFORMS
  ruby

DEPENDENCIES
  bundler (~> 2.0)
  rake (~> 13.0)
  rspec (~> 3.0)
  zypper-upgraderepo!

BUNDLED WITH
   2.2.19
